GEM
  remote: http://rubygems.org/
  specs:
    actionmailer (2.3.5)
      actionpack (= 2.3.5)
    actionpack (2.3.5)
      activesupport (= 2.3.5)
      rack (~> 1.0.0)
    activerecord (2.3.5)
      activesupport (= 2.3.5)
    activeresource (2.3.5)
      activesupport (= 2.3.5)
    activesupport (2.3.5)
    chronic (0.3.0)
    daemons (1.0.10)
    delayed_job (2.0.4)
      daemons
    diff-lcs (1.1.3)
    fakeweb (1.3.0)
    grit (2.5.0)
      diff-lcs (~> 1.1)
      mime-types (~> 1.15)
      posix-spawn (~> 0.3.6)
    i18n (0.6.0)
    json (1.5.1)
    mime-types (1.19)
    mocha (0.9.8)
      rake
    nokogiri (1.5.5)
    pg (0.14.0)
    posix-spawn (0.3.6)
    rack (1.0.1)
    rails (2.3.5)
      actionmailer (= 2.3.5)
      actionpack (= 2.3.5)
      activerecord (= 2.3.5)
      activeresource (= 2.3.5)
      activesupport (= 2.3.5)
      rake (>= 0.8.3)
    rake (0.9.2.2)
    ruby-git (0.2.2)
    sqlite3 (1.3.6)

PLATFORMS
  ruby

DEPENDENCIES
  chronic (= 0.3.0)
  daemons (= 1.0.10)
  delayed_job (= 2.0.4)
  fakeweb
  grit (= 2.5.0)
  i18n (= 0.6.0)
  json (= 1.5.1)
  mocha
  nokogiri (= 1.5.5)
  pg
  rails (= 2.3.5)
  rake (= 0.9.2.2)
  ruby-git (= 0.2.2)
  sqlite3
